GIT
  remote: https://github.com/senid231/libvirt_async.git
  revision: 36a6eb2f1b630a359a59a47836c6d7c02b7b0a4d
  specs:
    libvirt_async (0.3.2)
      activesupport
      async (~> 1.24)
      libvirt_ffi

GIT
  remote: https://github.com/senid231/libvirt_ffi.git
  revision: 325602625f87df2790e86d64a0e5d3857b56a01f
  specs:
    libvirt_ffi (0.4.1)
      ffi (>= 1.0)

GEM
  remote: https://rubygems.org/
  specs:
    activesupport (6.0.2.1)
      concurrent-ruby (~> 1.0, >= 1.0.2)
      i18n (>= 0.7, < 2)
      minitest (~> 5.1)
      tzinfo (~> 1.1)
      zeitwerk (~> 2.2)
    ansi (1.5.0)
    anyway_config (2.0.0.pre)
    async (1.24.1)
      console (~> 1.0)
      nio4r (~> 2.3)
      timers (~> 4.1)
    async-container (0.14.1)
      async (~> 1.0)
      async-io (~> 1.4)
      process-group
    async-http (0.50.0)
      async (~> 1.23)
      async-io (~> 1.27.0)
      async-pool (~> 0.2)
      protocol-http (~> 0.13.0)
      protocol-http1 (~> 0.10.0)
      protocol-http2 (~> 0.10.0)
    async-io (1.27.1)
      async (~> 1.14)
    async-pool (0.2.0)
      async (~> 1.8)
    async-websocket (0.13.1)
      async-http (~> 0.43)
      async-io (~> 1.23)
      protocol-websocket (~> 0.7.0)
    async_cable (0.2.3)
      activesupport
      anyway_config
      async-websocket
      null-logger
    build-environment (1.12.1)
    builder (3.2.4)
    byebug (11.1.1)
    concurrent-ruby (1.1.5)
    console (1.7.2)
    event_emitter (0.2.6)
    falcon (0.34.5)
      async (~> 1.13)
      async-container (~> 0.14.0)
      async-http (~> 0.50.0)
      async-io (~> 1.22)
      build-environment (~> 1.11)
      localhost (~> 1.1)
      rack (>= 1.0)
      samovar (~> 2.1)
    ffi (1.12.1)
    gc_tracer (1.5.1)
    get_process_mem (0.2.5)
      ffi (~> 1.0)
    httparty (0.18.0)
      mime-types (~> 3.0)
      multi_xml (>= 0.5.2)
    i18n (1.8.2)
      concurrent-ruby (~> 1.0)
    jsonapi-deserializable (0.2.0)
    jsonapi-rb (0.5.0)
      jsonapi-deserializable (~> 0.2.0)
      jsonapi-serializable (~> 0.3.0)
    jsonapi-renderer (0.2.2)
    jsonapi-serializable (0.3.1)
      jsonapi-renderer (~> 0.2.0)
    localhost (1.1.6)
    mapping (1.1.1)
    mime-types (3.3.1)
      mime-types-data (~> 3.2015)
    mime-types-data (3.2019.1009)
    mini_magick (4.10.1)
    mini_portile2 (2.4.0)
    minitest (5.14.0)
    minitest-reporters (1.4.2)
      ansi
      builder
      minitest (>= 5.0)
      ruby-progressbar
    msgpack (1.3.1)
    multi_xml (0.6.0)
    nio4r (2.5.2)
    nokogiri (1.10.8)
      mini_portile2 (~> 2.4.0)
    null-logger (0.1.5)
    optimist (3.0.0)
    process-group (1.2.1)
      process-terminal (~> 0.2.0)
    process-terminal (0.2.0)
      ffi
    protocol-hpack (1.4.1)
    protocol-http (0.13.0)
    protocol-http1 (0.10.0)
      protocol-http (~> 0.13)
    protocol-http2 (0.10.4)
      protocol-hpack (~> 1.4)
      protocol-http (~> 0.2)
    protocol-websocket (0.7.4)
      protocol-http (~> 0.2)
      protocol-http1 (~> 0.2)
    rack (2.1.2)
    rack-contrib (2.1.0)
      rack (~> 2.0)
    rack-protection (2.0.8.1)
      rack
    rack-test (1.1.0)
      rack (>= 1.0, < 3)
    rack_router (0.1.2)
      rack
    rake (13.0.1)
    rbtrace (0.4.11)
      ffi (>= 1.0.6)
      msgpack (>= 0.4.3)
      optimist (>= 3.0.0)
    ruby-progressbar (1.10.1)
    samovar (2.1.4)
      console (~> 1.0)
      mapping (~> 1.0)
    thread_safe (0.3.6)
    timers (4.3.0)
    tzinfo (1.2.6)
      thread_safe (~> 0.1)
    websocket (1.2.8)
    websocket-client-simple (0.3.0)
      event_emitter
      websocket
    zeitwerk (2.2.2)

PLATFORMS
  ruby

DEPENDENCIES
  activesupport
  anyway_config (= 2.0.0.pre)
  async_cable
  byebug
  falcon
  gc_tracer
  get_process_mem
  httparty
  jsonapi-rb
  libvirt_async!
  libvirt_ffi!
  mini_magick
  minitest
  minitest-reporters
  nokogiri
  rack (>= 2.1.0)
  rack-contrib
  rack-protection
  rack-test
  rack_router (>= 0.1.2)
  rake
  rbtrace
  websocket-client-simple

BUNDLED WITH
   2.1.4
